PATH
  remote: .
  specs:
    list_spider (2.8.0)
      em-http-request (~> 1.1, >= 1.1.3)
      nokogiri (>= 1.10.8)
      rchardet (~> 1.6, >= 1.6.1)

GEM
  remote: https://rubygems.org/
  specs:
    addressable (2.7.0)
      public_suffix (>= 2.0.2, < 5.0)
    cookiejar (0.3.3)
    em-http-request (1.1.5)
      addressable (>= 2.3.4)
      cookiejar (!= 0.3.1)
      em-socksify (>= 0.3)
      eventmachine (>= 1.0.3)
      http_parser.rb (>= 0.6.0)
    em-socksify (0.3.2)
      eventmachine (>= 1.0.0.beta.4)
    eventmachine (1.2.7)
    eventmachine (1.2.7-x64-mingw32)
    http_parser.rb (0.6.0)
    mini_portile2 (2.5.1)
    nokogiri (1.11.4)
      mini_portile2 (~> 2.5.0)
      racc (~> 1.4)
    nokogiri (1.11.4-x64-mingw32)
      racc (~> 1.4)
    public_suffix (4.0.6)
    racc (1.5.2)
    rake (13.0.1)
    rchardet (1.8.0)

PLATFORMS
  ruby
  x64-mingw32

DEPENDENCIES
  bundler (~> 1.16)
  list_spider!
  rake (>= 12.3.3)

BUNDLED WITH
   1.17.2
